GEM
  remote: http://rubygems.org/
  specs:
    bio (1.4.1)
    diff-lcs (1.1.2)
    git (1.2.5)
    jeweler (1.6.2)
      bundler (~> 1.0)
      git (>= 1.2.5)
      rake
    parallel (0.5.5)
    rake (0.8.7)
    rspec (2.6.0)
      rspec-core (~> 2.6.0)
      rspec-expectations (~> 2.6.0)
      rspec-mocks (~> 2.6.0)
    rspec-core (2.6.4)
    rspec-expectations (2.6.0)
      diff-lcs (~> 1.1.2)
    rspec-mocks (2.6.0)

PLATFORMS
  java
  ruby

DEPENDENCIES
  bio (>= 1.4.0)
  bundler (~> 1.0.0)
  jeweler (~> 1.6.2)
  parallel (~> 0.5.5)
  rspec (~> 2.6.0)
